PATH
  remote: .
  specs:
    quilt (0.1.0)

GEM
  remote: https://rubygems.org/
  specs:
    power_assert (0.2.6)
    rake (12.0.0)
    test-unit (3.1.5)
      power_assert

PLATFORMS
  ruby

DEPENDENCIES
  quilt!
  rake
  test-unit

BUNDLED WITH
   1.13.6
